NUGET
  remote: https://www.nuget.org/api/v2
  specs:
    FSharp.Core (4.0.0.1)
    FSharp.Data (2.2.5)
      Zlib.Portable (>= 1.10) - framework: portable-net40+sl50+wp80+win80
    FsUnit (2.1)
      FSharp.Core (>= 3.1.2.5)
      NUnit (3.2)
    NUnit (3.2)
    Zlib.Portable (1.11) - framework: portable-net40+sl50+wp80+win80
